GEM
  remote: https://rubygems.org/
  specs:
    json (1.8.1)
    netaddr (1.5.0)
    subexec (0.2.3)

PLATFORMS
  ruby

DEPENDENCIES
  json
  netaddr
  subexec
